RESTRICTION: == net45
NUGET
  remote: https://api.nuget.org/v3/index.json
    Fody (3.3.3)
    Microsoft.DotNet.Xdt.Tools (2.0) - clitool: true
    Microsoft.NETCore.Platforms (2.2)
    NETStandard.Library (2.0.3)
      Microsoft.NETCore.Platforms (>= 1.1)
      System.Runtime.InteropServices.RuntimeInformation (>= 4.3)
    PropertyChanged.Fody (2.6)
      Fody (>= 3.3.2)
      NETStandard.Library (>= 1.6.1)
    System.Runtime.InteropServices.RuntimeInformation (4.3)
