RESTRICTION: == netcoreapp2.2
NUGET
  remote: https://api.nuget.org/v3/index.json
    Fody (3.3.3)
    Microsoft.DotNet.Xdt.Tools (2.0) - clitool: true
      Microsoft.Extensions.CommandLineUtils (>= 1.1.1)
      Microsoft.NETCore.App (>= 2.0)
    Microsoft.Extensions.CommandLineUtils (1.1.1)
      NETStandard.Library (>= 1.6.1)
    Microsoft.NETCore.App (2.2)
      Microsoft.NETCore.DotNetHostPolicy (>= 2.2)
      Microsoft.NETCore.Platforms (>= 2.2)
      Microsoft.NETCore.Targets (>= 2.0)
      NETStandard.Library (>= 2.0.3)
    Microsoft.NETCore.DotNetAppHost (2.2)
    Microsoft.NETCore.DotNetHostPolicy (2.2)
      Microsoft.NETCore.DotNetHostResolver (>= 2.2)
    Microsoft.NETCore.DotNetHostResolver (2.2)
      Microsoft.NETCore.DotNetAppHost (>= 2.2)
    Microsoft.NETCore.Platforms (2.2)
    Microsoft.NETCore.Targets (2.1)
    NETStandard.Library (2.0.3)
      Microsoft.NETCore.Platforms (>= 1.1)
    PropertyChanged.Fody (2.6)
      Fody (>= 3.3.2)
      NETStandard.Library (>= 1.6.1)
    System.Configuration.ConfigurationManager (4.5)
      System.Security.Cryptography.ProtectedData (>= 4.5)
      System.Security.Permissions (>= 4.5)
    System.Security.AccessControl (4.5)
      Microsoft.NETCore.Platforms (>= 2.0)
      System.Security.Principal.Windows (>= 4.5)
    System.Security.Cryptography.ProtectedData (4.5)
    System.Security.Permissions (4.5)
      System.Security.AccessControl (>= 4.5)
    System.Security.Principal.Windows (4.5.1)
      Microsoft.NETCore.Platforms (>= 2.0)
